PATH
  remote: .
  specs:
    xlat (0.1.0)
      rb_sys (~> 0.9.102)

GEM
  remote: https://rubygems.org/
  specs:
    diff-lcs (1.5.1)
    pf2 (0.6.0)
      rake-compiler
      rb_sys (~> 0.9.63)
      webrick
    rake (13.2.1)
    rake-compiler (1.2.9)
      rake
    rake-compiler-dock (1.9.1)
    rb_sys (0.9.110)
      rake-compiler-dock (= 1.9.1)
    rexml (3.4.0)
    rspec (3.13.0)
      rspec-core (~> 3.13.0)
      rspec-expectations (~> 3.13.0)
      rspec-mocks (~> 3.13.0)
    rspec-core (3.13.3)
      rspec-support (~> 3.13.0)
    rspec-expectations (3.13.3)
      diff-lcs (>= 1.2.0, < 2.0)
      rspec-support (~> 3.13.0)
    rspec-mocks (3.13.2)
      diff-lcs (>= 1.2.0, < 2.0)
      rspec-support (~> 3.13.0)
    rspec-support (3.13.2)
    webrick (1.9.1)

PLATFORMS
  ruby

DEPENDENCIES
  pf2 (= 0.6.0)
  rake (~> 13.0)
  rake-compiler (~> 1.2)
  rexml
  rspec (~> 3.0)
  xlat!

BUNDLED WITH
   2.4.22
